PATH
  remote: .
  specs:
    foundation-datetimepicker-rails (0.2.4)

GEM
  remote: https://rubygems.org/
  specs:
    rake (13.0.6)

PLATFORMS
  ruby

DEPENDENCIES
  foundation-datetimepicker-rails!
  rake

BUNDLED WITH
   1.11.2
